GEM
  remote: https://rubygems.org/
  specs:
    uci (0.0.2)

PLATFORMS
  ruby

DEPENDENCIES
  uci
